GEM
  remote: https://rubygems.org/
  specs:
    backports (3.3.1)
    descendants_tracker (0.0.1)
    json (1.8.0)
    mini_portile (0.5.0)
    nokogiri (1.6.0)
      mini_portile (~> 0.5.0)
    virtus (0.5.5)
      backports (~> 3.3)
      descendants_tracker (~> 0.0.1)

PLATFORMS
  ruby

DEPENDENCIES
  json
  nokogiri
  virtus
